GIT
  remote: https://github.com/cath-oneill/pig-latin
  revision: 1906f9cb59d24f80313f899f33d2f5f57e3ae2f8
  specs:
    piglatin (0.0.1)

GEM
  remote: https://rubygems.org/
  specs:

PLATFORMS
  ruby

DEPENDENCIES
  piglatin!
