GIT
  remote: https://github.com/cath-oneill/pig-latin.git
  revision: 9f05919704d08d0fe11b4087bbad9303752787bc
  specs:
    piglatin (0.0.2)

GEM
  remote: https://rubygems.org/
  specs:

PLATFORMS
  ruby

DEPENDENCIES
  piglatin!
